GEM
  remote: https://rubygems.org/
  specs:
    coderay (1.1.2)
    method_source (0.9.0)
    mini_portile2 (2.3.0)
    nokogiri (1.8.1)
      mini_portile2 (~> 2.3.0)
    pry (0.11.1)
      coderay (~> 1.1.0)
      method_source (~> 0.9.0)
    rake (12.1.0)
    require_all (1.4.0)

PLATFORMS
  ruby

DEPENDENCIES
  nokogiri
  pry
  rake
  require_all

BUNDLED WITH
   1.15.4
